GEM
  remote: https://rubygems.org/
  specs:
    gem-a (1.0.0)
    gem-b (2.0.0)
      gem-a (>= 1.0.0)
    gem-c (3.0.0)
      gem-d (>= 1.0.0)
    alloneword (1.0.0)
      anotherword (>= 1.0.0)

GIT
  remote: https://github.com/awesomeuser/awesomerepo
  revision: awesomerevision
  branch: awesomebranch
  specs:
    gem-e (0.1.0) 
      gem-f (>= 2.0.0) 
    allonewordagain
